GIT
  remote: https://github.com/malakai97/bagit.git
  revision: 0d2054070749481f2ff0d1b61d95aea1ec3c961a
  branch: break_for_ht
  specs:
    bagit (0.3.3)
      docopt (~> 0.5.0)
      validatable (~> 1.6)

GEM
  remote: https://rubygems.org/
  specs:
    configliere (0.4.22)
      highline (= 1.5.2)
      multi_json (~> 1.10.1)
    docopt (0.5.0)
    highline (1.5.2)
    multi_json (1.10.1)
    validatable (1.6.7)

PLATFORMS
  ruby

DEPENDENCIES
  bagit!
  configliere

BUNDLED WITH
   1.10.6
